GEM
  remote: https://rubygems.org/
  specs:
    bluefeather (0.41)
    fileutils (1.3.0)
    haml (5.1.2)
      temple (>= 0.8.0)
      tilt
    mini_portile2 (2.4.0)
    nokogiri (1.10.8)
      mini_portile2 (~> 2.4.0)
    temple (0.8.2)
    tilt (2.0.10)

PLATFORMS
  ruby

DEPENDENCIES
  bluefeather
  fileutils
  haml
  nokogiri

BUNDLED WITH
   1.17.3
