GEM
  remote: https://rubygems.org/
  specs:
    bluefeather (0.41)
    fileutils (0.7)
      rmagick (>= 2.13.1)
    haml (4.0.7)
      tilt
    mini_portile (0.6.0)
    nokogiri (1.6.3.1)
      mini_portile (= 0.6.0)
    rmagick (2.15.4)
    tilt (2.0.2)

PLATFORMS
  ruby

DEPENDENCIES
  bluefeather
  fileutils
  haml
  nokogiri (= 1.6.3.1)
