GEM
  remote: https://rubygems.org/
  specs:
    bluefeather (0.41)
    fileutils (1.4.1)
    haml (5.1.2)
      temple (>= 0.8.0)
      tilt
    mini_portile2 (2.5.1)
    nokogiri (1.11.4)
      mini_portile2 (~> 2.5.0)
      racc (~> 1.4)
    racc (1.5.2)
    temple (0.8.2)
    tilt (2.0.10)

PLATFORMS
  ruby

DEPENDENCIES
  bluefeather
  fileutils
  haml
  nokogiri

BUNDLED WITH
   1.17.2
