GEM
  remote: https://rubygems.org/
  specs:
    bluefeather (0.41)
    fileutils (1.1.0)
    haml (5.0.4)
      temple (>= 0.8.0)
      tilt
    mini_portile2 (2.4.0)
    nokogiri (1.10.1)
      mini_portile2 (~> 2.4.0)
    temple (0.8.0)
    tilt (2.0.9)

PLATFORMS
  ruby

DEPENDENCIES
  bluefeather
  fileutils
  haml
  nokogiri

BUNDLED WITH
   1.16.1
